PATH
  remote: .
  specs:
    master-user (0.2.3)
      aasm
      activemodel (>= 4.0.0)
      activerecord (>= 4.0.0)
      activesupport (>= 4.0.0)
      aliyun-mqs
      carrierwave
      carrierwave-imageoptimizer
      rmagick
      sunspot_rails

GEM
  remote: https://rubygems.org/
  specs:
    aasm (4.1.0)
    actionmailer (4.2.0)
      actionpack (= 4.2.0)
      actionview (= 4.2.0)
      activejob (= 4.2.0)
      mail (~> 2.5, >= 2.5.4)
      rails-dom-testing (~> 1.0, >= 1.0.5)
    actionpack (4.2.0)
      actionview (= 4.2.0)
      activesupport (= 4.2.0)
      rack (~> 1.6.0)
      rack-test (~> 0.6.2)
      rails-dom-testing (~> 1.0, >= 1.0.5)
      rails-html-sanitizer (~> 1.0, >= 1.0.1)
    actionview (4.2.0)
      activesupport (= 4.2.0)
      builder (~> 3.1)
      erubis (~> 2.7.0)
      rails-dom-testing (~> 1.0, >= 1.0.5)
      rails-html-sanitizer (~> 1.0, >= 1.0.1)
    activejob (4.2.0)
      activesupport (= 4.2.0)
      globalid (>= 0.3.0)
    activemodel (4.2.0)
      activesupport (= 4.2.0)
      builder (~> 3.1)
    activerecord (4.2.0)
      activemodel (= 4.2.0)
      activesupport (= 4.2.0)
      arel (~> 6.0)
    activesupport (4.2.0)
      i18n (~> 0.7)
      json (~> 1.7, >= 1.7.7)
      minitest (~> 5.1)
      thread_safe (~> 0.3, >= 0.3.4)
      tzinfo (~> 1.1)
    aliyun-mqs (0.1.1)
      activesupport (>= 4.1)
      nokogiri (>= 1.6)
      rest-client
      thor
    arel (6.0.0)
    builder (3.2.2)
    carrierwave (0.10.0)
      activemodel (>= 3.2.0)
      activesupport (>= 3.2.0)
      json (>= 1.7)
      mime-types (>= 1.16)
    carrierwave-imageoptimizer (1.2.1)
      carrierwave (~> 0.8)
      image_optimizer (~> 1.2)
    domain_name (0.5.24)
      unf (>= 0.0.5, < 1.0.0)
    erubis (2.7.0)
    globalid (0.3.3)
      activesupport (>= 4.1.0)
    hike (1.2.3)
    http-cookie (1.0.2)
      domain_name (~> 0.5)
    i18n (0.7.0)
    image_optimizer (1.3.0)
    json (1.8.2)
    loofah (2.0.1)
      nokogiri (>= 1.5.9)
    mail (2.6.3)
      mime-types (>= 1.16, < 3)
    mime-types (2.4.3)
    mini_portile (0.6.2)
    minitest (5.6.1)
    multi_json (1.11.0)
    netrc (0.10.3)
    nokogiri (1.6.6.2)
      mini_portile (~> 0.6.0)
    pr_geohash (1.0.0)
    rack (1.6.0)
    rack-test (0.6.3)
      rack (>= 1.0)
    rails (4.2.0)
      actionmailer (= 4.2.0)
      actionpack (= 4.2.0)
      actionview (= 4.2.0)
      activejob (= 4.2.0)
      activemodel (= 4.2.0)
      activerecord (= 4.2.0)
      activesupport (= 4.2.0)
      bundler (>= 1.3.0, < 2.0)
      railties (= 4.2.0)
      sprockets-rails
    rails-deprecated_sanitizer (1.0.3)
      activesupport (>= 4.2.0.alpha)
    rails-dom-testing (1.0.6)
      activesupport (>= 4.2.0.beta, < 5.0)
      nokogiri (~> 1.6.0)
      rails-deprecated_sanitizer (>= 1.0.1)
    rails-html-sanitizer (1.0.2)
      loofah (~> 2.0)
    railties (4.2.0)
      actionpack (= 4.2.0)
      activesupport (= 4.2.0)
      rake (>= 0.8.7)
      thor (>= 0.18.1, < 2.0)
    rake (10.4.2)
    rest-client (1.8.0)
      http-cookie (>= 1.0.2, < 2.0)
      mime-types (>= 1.16, < 3.0)
      netrc (~> 0.7)
    rmagick (2.15.0)
    rsolr (1.0.12)
      builder (>= 2.1.2)
    sprockets (2.12.3)
      hike (~> 1.2)
      multi_json (~> 1.0)
      rack (~> 1.0)
      tilt (~> 1.1, != 1.3.0)
    sprockets-rails (2.2.4)
      actionpack (>= 3.0)
      activesupport (>= 3.0)
      sprockets (>= 2.8, < 4.0)
    sunspot (2.2.0)
      pr_geohash (~> 1.0)
      rsolr (~> 1.0.7)
    sunspot_rails (2.2.0)
      nokogiri
      rails (>= 3)
      sunspot (= 2.2.0)
    thor (0.19.1)
    thread_safe (0.3.5)
    tilt (1.4.1)
    tzinfo (1.2.2)
      thread_safe (~> 0.1)
    unf (0.1.4)
      unf_ext
    unf_ext (0.0.7.1)

PLATFORMS
  ruby

DEPENDENCIES
  master-user!
