GIT
  remote: git://github.com/golfMaster/aliyun-mns.git
  revision: 0c85f0a2340ab02083d93508c73d486c533bcae6
  specs:
    aliyun-mns (0.1.2)
      activesupport (>= 4.1)
      nokogiri (>= 1.6)
      rest-client
      thor

PATH
  remote: .
  specs:
    master-user (0.2.26)
      aasm
      activemodel (>= 4.0.0)
      activerecord (>= 4.0.0)
      activesupport (>= 4.0.0)
      aliyun-mns (>= 0.1.2)
      carrierwave
      carrierwave-imageoptimizer
      rmagick
      sunspot_rails

GEM
  remote: https://rubygems.org/
  specs:
    aasm (4.5.1)
    activemodel (4.2.5)
      activesupport (= 4.2.5)
      builder (~> 3.1)
    activerecord (4.2.5)
      activemodel (= 4.2.5)
      activesupport (= 4.2.5)
      arel (~> 6.0)
    activesupport (4.2.5)
      i18n (~> 0.7)
      json (~> 1.7, >= 1.7.7)
      minitest (~> 5.1)
      thread_safe (~> 0.3, >= 0.3.4)
      tzinfo (~> 1.1)
    arel (6.0.3)
    builder (3.2.2)
    carrierwave (0.10.0)
      activemodel (>= 3.2.0)
      activesupport (>= 3.2.0)
      json (>= 1.7)
      mime-types (>= 1.16)
    carrierwave-imageoptimizer (1.2.1)
      carrierwave (~> 0.8)
      image_optimizer (~> 1.2)
    i18n (0.7.0)
    image_optimizer (1.3.0)
    json (1.8.3)
    mime-types (3.0)
      mime-types-data (~> 3.2015)
    mime-types-data (3.2015.1120)
    mini_portile2 (2.0.0)
    minitest (5.8.3)
    nokogiri (1.6.7)
      mini_portile2 (~> 2.0.0.rc2)
    pr_geohash (1.0.0)
    rest-client (1.6.7)
      mime-types (>= 1.16)
    rmagick (2.15.4)
    rsolr (1.0.13)
      builder (>= 2.1.2)
    sunspot (2.0.0)
      pr_geohash (~> 1.0)
      rsolr (~> 1.0.7)
    sunspot_rails (2.0.0)
      nokogiri
      sunspot (= 2.0.0)
    thor (0.19.1)
    thread_safe (0.3.5)
    tzinfo (1.2.2)
      thread_safe (~> 0.1)

PLATFORMS
  ruby

DEPENDENCIES
  aliyun-mns (~> 0.1.2)!
  master-user!
